GEM
  remote: https://rubygems.org/
  specs:
    coderay (1.1.1)
    csv (3.0.0)
    method_source (0.8.2)
    pry (0.10.4)
      coderay (~> 1.1.0)
      method_source (~> 0.8.1)
      slop (~> 3.4)
    slop (3.6.0)
    sqlite3 (1.3.13)

PLATFORMS
  ruby

DEPENDENCIES
  csv
  pry
  sqlite3

BUNDLED WITH
   1.16.6
